{
  "AcquisitionMatrixPE": 84,
  "AcquisitionNumber": 1,
  "AcquisitionTime": "15:42:53.730000",
  "BaseResolution": 168,
  "CoilString": "C:OP;lTE;rTE;xOP",
  "ConversionSoftware": "dcm2niix",
  "ConversionSoftwareVersion": "v1.0.20181108  GCC5.4.0",
  "DeviceSerialNumber": "18932",
  "DwellTime": 4.9e-06,
  "EchoNumber": 2,
  "EchoTime": 0.0051,
  "FlipAngle": 35,
  "ImageOrientationPatientDICOM": [
    1,
    0,
    0,
    0,
    1,
    0
  ],
  "ImageType": [
    "ORIGINAL",
    "PRIMARY",
    "M",
    "ND"
  ],
  "ImagingFrequency": 297.23,
  "InPlanePhaseEncodingDirectionDICOM": "COL",
  "InstitutionAddress": "Richmond_Street_North_1151_London_4753F2_Ontario_CA_N6A_5B7",
  "InstitutionName": "Robarts_Reserch_Institute",
  "InstitutionalDepartmentName": "Department",
  "MRAcquisitionType": "2D",
  "MagneticFieldStrength": 6.98,
  "Manufacturer": "Siemens",
  "ManufacturersModelName": "Investigational_Device_7T",
  "Modality": "MR",
  "PartialFourier": 0.75,
  "PatientPosition": "HFS",
  "PercentPhaseFOV": 100,
  "PhaseEncodingDirection": "j-",
  "PhaseEncodingSteps": 63,
  "PhaseResolution": 0.5,
  "PixelBandwidth": 607,
  "ProcedureStepDescription": "Menon_HighRes_fMRI",
  "ProtocolName": "gre_field_mapping",
  "PulseSequenceDetails": "%SiemensSeq%_gre_field_mapping",
  "ReceiveCoilName": "CFMM_OP",
  "ReconMatrixPE": 168,
  "RepetitionTime": 0.475,
  "ScanOptions": "PFP",
  "ScanningSequence": "GR",
  "SequenceName": "fm2d2r",
  "SequenceVariant": "SP",
  "SeriesDescription": "gre_field_mapping",
  "SeriesNumber": 44,
  "ShimSetting": [
    -89,
    1777,
    531,
    146,
    143,
    617,
    -257,
    -139
  ],
  "SliceThickness": 2.5,
  "SoftwareVersions": "syngo_MR_B17",
  "SpacingBetweenSlices": 2.5,
  "StationName": "MASTER",
  "TxRefAmp": 124
}