{
  "AcquisitionMatrixPE": 240,
  "AcquisitionNumber": 1,
  "AcquisitionTime": "12:07:47.577500",
  "BandwidthPerPixelPhaseEncode": 16.447,
  "BaseResolution": 240,
  "CoilString": "C:OP;lTE;rTE;xOP",
  "ConversionSoftware": "dcm2niix",
  "ConversionSoftwareVersion": "v1.0.20181108  GCC5.4.0",
  "DerivedVendorReportedEchoSpacing": 0.000760017,
  "DeviceSerialNumber": "18932",
  "DwellTime": 1.4e-06,
  "EchoTime": 0.041,
  "EffectiveEchoSpacing": 0.000253339,
  "FlipAngle": 90,
  "ImageOrientationPatientDICOM": [1, 2e-16, 0, -2e-16, 0.762668, -0.64679],
  "ImageType": [
    "ORIGINAL",
    "PRIMARY",
    "M",
    "ND",
    "MOSAIC"
],
  "ImagingFrequency": 297.229,
  "InPlanePhaseEncodingDirectionDICOM": "COL",
  "InstitutionAddress": "Richmond_Street_North_1151_London_4753F2_Ontario_CA_N6A_5B7",
  "InstitutionName": "Robarts_Reserch_Institute",
  "InstitutionalDepartmentName": "Department",
  "MRAcquisitionType": "2D",
  "MagneticFieldStrength": 6.98,
  "Manufacturer": "Siemens",
  "ManufacturersModelName": "Investigational_Device_7T",
  "Modality": "MR",
  "ParallelReductionFactorInPlane": 3,
  "PartialFourier": 0.75,
  "PatientPosition": "HFS",
  "PercentPhaseFOV": 100,
  "PhaseEncodingDirection": "j-",
  "PhaseEncodingSteps": 181,
  "PhaseResolution": 1,
  "PixelBandwidth": 1488,
  "ProcedureStepDescription": "Menon_HighRes_fMRI",
  "ProtocolName": "mbep2d_se_bold_p3_800iso_APcfg=RecSensPhase.evp",
  "PulseSequenceDetails": "%CustomerSeq%_cmrr_mbep2d_se",
  "ReceiveCoilName": "CFMM_OP",
  "ReconMatrixPE": 240,
  "RepetitionTime": 2.5,
  "ScanOptions": "PFP_FS",
  "ScanningSequence": "EP",
  "SequenceName": "epse2d1_240",
  "SequenceVariant": "SK",
  "SeriesDescription": "mbep2d_se_bold_p3_800iso_APcfg=RecSensPhase.evp",
  "SeriesNumber": 18,
  "ShimSetting": [-74, 1827, 312, -40, 178, -508, -242, -88],
  "SliceThickness": 0.8,
  "SliceTiming": [0, 1.305, 0.1025, 1.4075, 0.2025, 1.5075, 0.3025, 1.6075, 0.4025, 1.7075, 0.5025, 1.8075, 0.6025, 1.9075, 0.7025, 2.0075, 0.805, 2.11, 0.905, 2.21, 1.005, 2.31, 1.105, 2.41, 1.205],
  "SoftwareVersions": "syngo_MR_B17",
  "SpacingBetweenSlices": 0.88,
  "StationName": "MASTER",
  "TotalReadoutTime": 0.060548,
  "TxRefAmp": 124}