{
  "AcquisitionMatrixPE": 214,
  "AcquisitionNumber": 1,
  "AcquisitionTime": "10:12:27.690000",
  "BaseResolution": 214,
  "CoilString": "C:OP;lTE;rTE;xOP",
  "ConversionSoftware": "dcm2niix",
  "ConversionSoftwareVersion": "v1.0.20181108  GCC5.4.0",
  "DeviceSerialNumber": "18932",
  "DwellTime": 1.3e-05,
  "EchoTime": 0.00284,
  "FlipAngle": 4,
  "ImageOrientationPatientDICOM": [1, 0, 0, 0, 0, -1],
  "ImageType": [
    "ORIGINAL",
    "PRIMARY",
    "M",
    "ND"
],
  "ImagingFrequency": 297.23,
  "InPlanePhaseEncodingDirectionDICOM": "ROW",
  "InstitutionAddress": "Richmond_Street_North_1151_London_4753F2_Ontario_CA_N6A_5B7",
  "InstitutionName": "Robarts_Reserch_Institute",
  "InstitutionalDepartmentName": "Department",
  "InversionTime": 0.8,
  "MRAcquisitionType": "3D",
  "MagneticFieldStrength": 6.98,
  "Manufacturer": "Siemens",
  "ManufacturersModelName": "Investigational_Device_7T",
  "Modality": "MR",
  "PartialFourier": 0.75,
  "PatientPosition": "HFS",
  "PercentPhaseFOV": 100,
  "PhaseEncodingSteps": 160,
  "PhaseResolution": 1,
  "PixelBandwidth": 180,
  "ProcedureStepDescription": "Menon_HighRes_fMRI",
  "ProtocolName": "mp2rage_cor_750iso_p3_944",
  "PulseSequenceDetails": "%CustomerSeq%_tfl_wip944_b17uhf",
  "ReceiveCoilName": "CFMM_OP",
  "ReconMatrixPE": 214,
  "RepetitionTime": 6,
  "ScanOptions": "IR_PFP",
  "ScanningSequence": "GR_IR",
  "SequenceName": "tfl3d1",
  "SequenceVariant": "SP_MP",
  "SeriesDescription": "mp2rage_cor_750iso_p3_944_INV1",
  "SeriesNumber": 10,
  "ShimSetting": [-82, 1640, 593, 41, -13, 811, -210, -182],
  "SliceThickness": 0.75,
  "SoftwareVersions": "syngo_MR_B17",
  "StationName": "MASTER",
  "TxRefAmp": 114.162}