{
  "AcquisitionMatrixPE": 542,
  "AcquisitionNumber": 1,
  "AcquisitionTime": "11:42:47.035000",
  "BaseResolution": 620,
  "CoilString": "C:OP;lTE;rTE;xOP",
  "ConversionSoftware": "dcm2niix",
  "ConversionSoftwareVersion": "v1.0.20181108  GCC5.4.0",
  "DeviceSerialNumber": "18932",
  "DwellTime": 4e-06,
  "EchoNumber": 4,
  "EchoTime": 0.0234,
  "FlipAngle": 9,
  "ImageComments": "2017_12_04_GEvSE_05_19931204_17.12.04-09:57:24-STD-1.3.12.2.1107.5.2.34.18932_1",
  "ImageOrientationPatientDICOM": [
    1,
    -1.58035e-10,
    1.30738e-10,
    2.05103e-10,
    0.770513,
    -0.637424
  ],
  "ImageType": [
    "ORIGINAL",
    "PRIMARY",
    "P",
    "DIS2D"
  ],
  "ImagingFrequency": 297.228,
  "InPlanePhaseEncodingDirectionDICOM": "ROW",
  "InstitutionAddress": "Richmond_Street_North_1151_London_4753F2_Ontario_CA_N6A_5B7",
  "InstitutionName": "Robarts_Reserch_Institute",
  "InstitutionalDepartmentName": "Department",
  "MRAcquisitionType": "3D",
  "MagneticFieldStrength": 6.98,
  "Manufacturer": "Siemens",
  "ManufacturersModelName": "Investigational_Device_7T",
  "Modality": "MR",
  "PartialFourier": 1,
  "PatientPosition": "HFS",
  "PercentPhaseFOV": 87.4194,
  "PhaseEncodingSteps": 542,
  "PhaseResolution": 1,
  "PixelBandwidth": 202,
  "ProcedureStepDescription": "Menon_HighRes_fMRI",
  "ProtocolName": "gre3d_susc",
  "PulseSequenceDetails": "%SiemensSeq%_gre_ptx",
  "ReceiveCoilName": "CFMM_OP",
  "ReconMatrixPE": 620,
  "RepetitionTime": 0.04,
  "ScanningSequence": "GR",
  "SequenceName": "fl3d4r",
  "SequenceVariant": "SP_OSP",
  "SeriesDescription": "gre3d_susccfg=RecSensPhase.evp_RR",
  "SeriesNumber": 63,
  "ShimSetting": [
    -77,
    1653,
    374,
    37,
    39,
    -143,
    -166,
    -13
  ],
  "SliceThickness": 0.8,
  "SoftwareVersions": "syngo_MR_B17",
  "TxRefAmp": 122.829
}