{
    "InPlanePhaseEncodingDirectionDICOM": "ROW", 
    "ProcedureStepDescription": "Menon_HighRes_fMRI", 
    "DeviceSerialNumber": "18932", 
    "AcquisitionMatrixPE": 542, 
    "ImageOrientationPatientDICOM": [
        1, 
        -1.50003e-10, 
        1.3988e-10, 
        2.05103e-10, 
        0.731354, 
        -0.681998
    ], 
    "ManufacturersModelName": "Investigational_Device_7T", 
    "ProtocolName": "gre3d_susccfg=RecSensPhase.evp", 
    "RepetitionTime": 0.04, 
    "MagneticFieldStrength": 6.98, 
    "PhaseEncodingSteps": 542, 
    "MRAcquisitionType": "3D", 
    "SliceThickness": 0.8, 
    "AcquisitionNumber": 1, 
    "InstitutionName": "Robarts_Reserch_Institute", 
    "DwellTime": 4e-06, 
    "TxRefAmp": 124, 
    "SeriesDescription": "gre3d_susccfg=RecSensPhase.evp", 
    "ConversionSoftware": "dcm2niix", 
    "ScanningSequence": "GR", 
    "Manufacturer": "Siemens", 
    "PercentPhaseFOV": 87.4194, 
    "StationName": "MASTER", 
    "ReconMatrixPE": 620, 
    "FlipAngle": 9, 
    "InstitutionAddress": "Richmond_Street_North_1151_London_4753F2_Ontario_CA_N6A_5B7", 
    "PulseSequenceDetails": "%SiemensSeq%_gre_ptx", 
    "PartialFourier": 1, 
    "ConversionSoftwareVersion": "v1.0.20181108  GCC5.4.0", 
    "ShimSetting": [
        -89, 
        1777, 
        531, 
        146, 
        143, 
        617, 
        -257, 
        -139
    ], 
    "AcquisitionTime": "15:29:29.615000", 
    "SequenceName": "fl3d4r", 
    "ReceiveCoilName": "CFMM_OP", 
    "CoilString": "C:OP;lTE;rTE;xOP", 
    "ImageType": [
        "ORIGINAL", 
        "PRIMARY", 
        "M", 
        "DIS2D"
    ], 
    "EchoTime": 0.01754, 
    "SequenceVariant": "SP_OSP", 
    "SeriesNumber": 37, 
    "ImagingFrequency": "297.23", 
    "BaseResolution": 620, 
    "PixelBandwidth": 202, 
    "PhaseResolution": 1, 
    "SoftwareVersions": "syngo_MR_B17", 
    "PatientPosition": "HFS", 
    "Modality": "MR", 
    "EchoNumber": 3, 
    "InstitutionalDepartmentName": "Department"
}