{
  "AcquisitionMatrixPE": 238,
  "AcquisitionNumber": 1,
  "AcquisitionTime": "14:53:1.627500",
  "BandwidthPerPixelPhaseEncode": 16.586,
  "BaseResolution": 240,
  "CoilString": "C:OP;lTE;rTE;xOP",
  "ConversionSoftware": "dcm2niix",
  "ConversionSoftwareVersion": "v1.0.20181108  GCC5.4.0",
  "DerivedVendorReportedEchoSpacing": 0.000759981,
  "DeviceSerialNumber": "18932",
  "DwellTime": 1.4e-06,
  "EchoTime": 0.023,
  "EffectiveEchoSpacing": 0.000253327,
  "FlipAngle": 60,
  "ImageOrientationPatientDICOM": [1, -1e-16, 0, 1e-16, 0.731354, -0.681998],
  "ImageType": [
    "ORIGINAL",
    "PRIMARY",
    "P",
    "ND",
    "MOSAIC"
],
  "ImagingFrequency": 297.23,
  "InPlanePhaseEncodingDirectionDICOM": "COL",
  "InstitutionAddress": "Richmond_Street_North_1151_London_4753F2_Ontario_CA_N6A_5B7",
  "InstitutionName": "Robarts_Reserch_Institute",
  "InstitutionalDepartmentName": "Department",
  "MRAcquisitionType": "2D",
  "MagneticFieldStrength": 6.98,
  "Manufacturer": "Siemens",
  "ManufacturersModelName": "Investigational_Device_7T",
  "Modality": "MR",
  "ParallelReductionFactorInPlane": 3,
  "PartialFourier": 0.625,
  "PatientPosition": "HFS",
  "PercentPhaseFOV": 99.1667,
  "PhaseEncodingDirection": "j-",
  "PhaseEncodingSteps": 148,
  "PhaseResolution": 1,
  "PixelBandwidth": 1488,
  "ProcedureStepDescription": "Menon_HighRes_fMRI",
  "ProtocolName": "mbep2d_bold_p3_800iso_APcfg=RecSensPhase.evp",
  "PulseSequenceDetails": "%CustomerSeq%_cmrr_mbep2d_bold",
  "ReceiveCoilName": "CFMM_OP",
  "ReconMatrixPE": 238,
  "RepetitionTime": 2.5,
  "ScanOptions": "PFP_FS",
  "ScanningSequence": "EP",
  "SequenceName": "epfid2d1_238",
  "SequenceVariant": "SK_SS",
  "SeriesDescription": "mbep2d_bold_p3_800iso_APcfg=RecSensPhase.evp",
  "SeriesNumber": 22,
  "ShimSetting": [-89, 1777, 531, 146, 143, 617, -257, -139],
  "SliceThickness": 0.8,
  "SliceTiming": [0, 1.3, 0.0875, 1.385, 0.175, 1.4725, 0.26, 1.5575, 0.3475, 1.645, 0.4325, 1.7325, 0.52, 1.8175, 0.6075, 1.905, 0.6925, 1.99, 0.78, 2.0775, 0.865, 2.165, 0.9525, 2.25, 1.04, 2.3375, 1.125, 2.4225, 1.2125],
  "SoftwareVersions": "syngo_MR_B17",
  "SpacingBetweenSlices": 0.88,
  "StationName": "MASTER",
  "TotalReadoutTime": 0.0600385,
  "TxRefAmp": 121.851,
  "TaskName": "8Hz Contrast Reversing Checkerboard"}
