{
  "AcquisitionMatrixPE": 240,
  "AcquisitionNumber": 1,
  "AcquisitionTime": "11:00:56.460000",
  "BandwidthPerPixelPhaseEncode": 16.447,
  "BaseResolution": 240,
  "CoilString": "C:OP;lTE;rTE;xOP",
  "ConversionSoftware": "dcm2niix",
  "ConversionSoftwareVersion": "v1.0.20181108  GCC5.4.0",
  "DerivedVendorReportedEchoSpacing": 0.000760017,
  "DeviceSerialNumber": "18932",
  "DwellTime": 1.4e-06,
  "EchoTime": 0.041,
  "EffectiveEchoSpacing": 0.000253339,
  "FlipAngle": 90,
  "ImageOrientationPatientDICOM": [1, 0, 1e-16, 0, 0.743145, -0.669131],
  "ImageType": [
    "ORIGINAL",
    "PRIMARY",
    "M",
    "ND",
    "MOSAIC"
],
  "ImagingFrequency": 297.229,
  "InPlanePhaseEncodingDirectionDICOM": "COL",
  "InstitutionAddress": "Richmond_Street_North_1151_London_4753F2_Ontario_CA_N6A_5B7",
  "InstitutionName": "Robarts_Reserch_Institute",
  "InstitutionalDepartmentName": "Department",
  "MRAcquisitionType": "2D",
  "MagneticFieldStrength": 6.98,
  "Manufacturer": "Siemens",
  "ManufacturersModelName": "Investigational_Device_7T",
  "Modality": "MR",
  "ParallelReductionFactorInPlane": 3,
  "PartialFourier": 0.75,
  "PatientPosition": "HFS",
  "PercentPhaseFOV": 100,
  "PhaseEncodingDirection": "j-",
  "PhaseEncodingSteps": 181,
  "PhaseResolution": 1,
  "PixelBandwidth": 1488,
  "ProcedureStepDescription": "Menon_HighRes_fMRI",
  "ProtocolName": "mbep2d_se_bold_p3_800iso_APcfg=RecSensPhase.evp",
  "PulseSequenceDetails": "%CustomerSeq%_cmrr_mbep2d_se",
  "ReceiveCoilName": "CFMM_OP",
  "ReconMatrixPE": 240,
  "RepetitionTime": 2.5,
  "ScanOptions": "PFP_FS",
  "ScanningSequence": "EP",
  "SequenceName": "epse2d1_240",
  "SequenceVariant": "SK",
  "SeriesDescription": "mbep2d_se_bold_p3_800iso_APcfg=RecSensPhase.evp",
  "SeriesNumber": 28,
  "ShimSetting": [-84, 1730, 493, 333, -133, 661, -50, -210],
  "SliceThickness": 0.8,
  "SliceTiming": [0, 1.305, 0.1, 1.405, 0.2, 1.505, 0.3, 1.605, 0.4, 1.705, 0.5, 1.805, 0.6025, 1.9075, 0.7025, 2.0075, 0.8025, 2.1075, 0.9025, 2.2075, 1.0025, 2.3075, 1.1025, 2.4075, 1.2025],
  "SoftwareVersions": "syngo_MR_B17",
  "SpacingBetweenSlices": 0.88,
  "StationName": "MASTER",
  "TotalReadoutTime": 0.060548,
  "TxRefAmp": 120.768}